GEM
  remote: https://rubygems.org/
  specs:
    coderay (1.1.3)
    iconv (1.0.8)
    itunes_parser (1.1.3)
      nokogiri-plist (~> 0.5)
    m3u8 (0.8.2)
    method_source (1.0.0)
    nokogiri (1.13.6-x86_64-linux)
      racc (~> 1.4)
    nokogiri-plist (0.5.0)
      nokogiri
    pry (0.14.1)
      coderay (~> 1.1)
      method_source (~> 1.0)
    racc (1.6.0)

PLATFORMS
  x86_64-linux

DEPENDENCIES
  iconv
  itunes_parser
  m3u8
  pry

BUNDLED WITH
   2.3.11
